GIT
  remote: https://github.com/arbarlow/ruby-mp4info.git
  revision: ba04292683188b5f1020aba164eb951e3a835044
  specs:
    mp4info (1.7.3)

GEM
  remote: https://rubygems.org/
  specs:
    apetag (1.1.5)
      cicphash (>= 1.0.0)
    cicphash (1.1.0)
    flacinfo-rb (1.0)
    moumar-wmainfo-rb (0.8)
    ruby-audioinfo (0.5.2)
      apetag (>= 1.1.4)
      flacinfo-rb (>= 0.4)
      moumar-wmainfo-rb (>= 0.7)
      mp4info (>= 1.7.3)
      ruby-mp3info (>= 0.8)
      ruby-ogginfo (>= 0.7)
      wavefile (>= 0.6.0)
    ruby-mp3info (0.8.10)
    ruby-ogginfo (0.7.2)
    wavefile (1.0.1)

PLATFORMS
  ruby

DEPENDENCIES
  mp4info!
  ruby-audioinfo

BUNDLED WITH
   1.16.2
